GIT
  remote: git://github.com/chriseppstein/compass.git
  revision: 34159da9a92c97a59629b4ca23cc6f7412016379
  branch: master
  specs:
    compass (0.13.alpha.4.34159da)
      chunky_png (~> 1.2)
      listen (~> 1.0.0)
      sass (>= 3.2.5, < 3.4)

GEM
  remote: http://rubygems.org/
  specs:
    chunky_png (1.2.8)
    ffi (1.8.1)
    ffi (1.8.1-x86-mingw32)
    listen (1.0.3)
      rb-fsevent (>= 0.9.3)
      rb-inotify (>= 0.9)
      rb-kqueue (>= 0.2)
    rb-fsevent (0.9.3)
    rb-inotify (0.9.0)
      ffi (>= 0.5.0)
    rb-kqueue (0.2.0)
      ffi (>= 0.5.0)
    sass (3.2.9)

PLATFORMS
  ruby
  x86-mingw32

DEPENDENCIES
  compass!
